GEM
  remote: https://rubygems.org/
  specs:
    colorize (0.7.2)
    curb (0.8.5)
    diff-lcs (1.2.5)
    httparty (0.12.0)
      json (~> 1.8)
      multi_xml (>= 0.5.2)
    json (1.8.1)
    log4r (1.1.10)
    multi_xml (0.5.5)
    mysqlplus (0.1.2)
    rspec (2.14.1)
      rspec-core (~> 2.14.0)
      rspec-expectations (~> 2.14.0)
      rspec-mocks (~> 2.14.0)
    rspec-core (2.14.7)
    rspec-expectations (2.14.5)
      diff-lcs (>= 1.1.3, < 2.0)
    rspec-mocks (2.14.5)
    ruby-oci8 (2.1.7)
    sequel (4.7.0)
    tiny_tds (0.6.2)

PLATFORMS
  ruby

DEPENDENCIES
  colorize
  curb
  httparty
  json
  log4r
  mysqlplus
  rspec
  ruby-oci8
  sequel
  tiny_tds
